GEM
  remote: https://rubygems.org/
  specs:
    ffi (1.10.0)
    ffi-rzmq (2.0.7)
      ffi-rzmq-core (>= 1.0.7)
    ffi-rzmq-core (1.0.7)
      ffi
    json (2.3.0)
    sqlite3 (1.3.13)
    webrick (1.4.2)
    zeromqrb (0.1.3)
      ffi-rzmq

PLATFORMS
  ruby

DEPENDENCIES
  json
  sqlite3
  webrick
  zeromqrb

BUNDLED WITH
   1.16.1
